GEM
  remote: http://rubygems.org/
  specs:
    git (1.2.5)
    haml (3.1.2)
    jeweler (1.6.4)
      bundler (~> 1.0)
      git (>= 1.2.5)
      rake
    rack (1.3.2)
    rake (0.9.2)
    rcov (0.9.10)
    shotgun (0.9)
      rack (>= 1.0)
    shoulda (2.11.3)
    sinatra (1.2.6)
      rack (~> 1.1)
      tilt (>= 1.2.2, < 2.0)
    tilt (1.3.3)

PLATFORMS
  ruby

DEPENDENCIES
  bundler (~> 1.0.0)
  haml (= 3.1.2)
  jeweler (~> 1.6.4)
  rcov
  shotgun (= 0.9)
  shoulda
  sinatra (= 1.2.6)
