GEM
  remote: http://rubygems.org/
  specs:
    git (1.2.5)
    haml (3.1.2)
    jeweler (1.6.4)
      bundler (~> 1.0)
      git (>= 1.2.5)
      rake
    kgio (2.6.0)
    rack (1.3.2)
    raindrops (0.7.0)
    rake (0.9.2)
    rcov (0.9.10)
    shoulda (2.11.3)
    sinatra (1.2.6)
      rack (~> 1.1)
      tilt (>= 1.2.2, < 2.0)
    tilt (1.3.3)
    unicorn (4.1.1)
      kgio (~> 2.4)
      rack
      raindrops (~> 0.6)

PLATFORMS
  ruby

DEPENDENCIES
  bundler (~> 1.0.0)
  haml (= 3.1.2)
  jeweler (~> 1.6.4)
  rcov
  shoulda
  sinatra (= 1.2.6)
  unicorn (= 4.1.1)
